GIT
  remote: https://github.com/kirillrdy/rchardet
  revision: f0e9f35c199b15b2c9539b3c0e883bb8fb993e84
  specs:
    edouard-rchardet (1.3.3)

PATH
  remote: .
  specs:
    csv-format-guesser (0.0.1)

GEM
  remote: https://rubygems.org/
  specs:
    diff-lcs (1.2.5)
    rake (10.1.0)
    rspec (2.14.1)
      rspec-core (~> 2.14.0)
      rspec-expectations (~> 2.14.0)
      rspec-mocks (~> 2.14.0)
    rspec-core (2.14.7)
    rspec-expectations (2.14.4)
      diff-lcs (>= 1.1.3, < 2.0)
    rspec-mocks (2.14.4)

PLATFORMS
  ruby

DEPENDENCIES
  bundler (~> 1.3)
  csv-format-guesser!
  edouard-rchardet!
  rake
  rspec (~> 2.14)
